GEM
  remote: https://rubygems.org/
  specs:
    byebug (1.5.0)
      columnize (~> 0.3.6)
      debugger-linecache (~> 1.2.0)
    columnize (0.3.6)
    debugger-linecache (1.2.0)
    flexmock (1.3.2)

PLATFORMS
  ruby

DEPENDENCIES
  byebug
  flexmock
