GEM
  remote: https://rubygems.org/
  specs:
    byebug (1.5.0)
      columnize (~> 0.3.6)
      debugger-linecache (~> 1.2.0)
    columnize (0.3.6)
    debugger-linecache (1.2.0)
    given_core (3.0.0)
      sorcerer (>= 0.3.7)
    minitest (5.0.6)
    minitest-given (3.0.0)
      given_core (= 3.0.0)
      minitest (> 4.3)
    sorcerer (1.0.0)

PLATFORMS
  ruby

DEPENDENCIES
  byebug
  minitest-given
